GEM
  remote: https://rubygems.org/
  specs:
    sass (3.4.9)

PLATFORMS
  x86_64-linux

DEPENDENCIES
  sass

BUNDLED WITH
   2.3.26
